GEM
  remote: https://rubygems.org/
  specs:
    awesome_print (1.1.0)
    bagit (0.3.1)
      docopt (~> 0.5.0)
      validatable (~> 1.6)
    docopt (0.5.0)
    mustache (0.99.4)
    validatable (1.6.7)

PLATFORMS
  ruby

DEPENDENCIES
  awesome_print
  bagit
  mustache
